GEM
  remote: http://rubygems.org/
  specs:
    actionmailer (2.3.14)
      actionpack (= 2.3.14)
    actionpack (2.3.14)
      activesupport (= 2.3.14)
      rack (~> 1.1.0)
    activerecord (2.3.14)
      activesupport (= 2.3.14)
    activerecord-jdbc-adapter (1.2.0)
    activerecord-jdbcmysql-adapter (1.2.0)
      activerecord-jdbc-adapter (~> 1.2.0)
      jdbc-mysql (~> 5.1.0)
    activerecord-jdbcpostgresql-adapter (1.2.0)
      activerecord-jdbc-adapter (~> 1.2.0)
      jdbc-postgres (~> 9.0.0)
    activerecord-jdbcsqlite3-adapter (1.2.0)
      activerecord-jdbc-adapter (~> 1.2.0)
      jdbc-sqlite3 (~> 3.7.2)
    activeresource (2.3.14)
      activesupport (= 2.3.14)
    activesupport (2.3.14)
    bouncy-castle-java (1.5.0146.1)
    coderay (0.9.8)
    edavis10-object_daddy (0.4.3)
    fastercsv (1.5.4)
    i18n (0.4.2)
    jdbc-mysql (5.1.13)
    jdbc-postgres (9.0.801)
    jdbc-sqlite3 (3.7.2)
    jruby-openssl (0.7.4)
      bouncy-castle-java
    json (1.6.1-java)
    metaclass (0.0.1)
    mocha (0.10.0)
      metaclass (~> 0.0.1)
    rack (1.1.2)
    rails (2.3.14)
      actionmailer (= 2.3.14)
      actionpack (= 2.3.14)
      activerecord (= 2.3.14)
      activeresource (= 2.3.14)
      activesupport (= 2.3.14)
      rake (>= 0.8.3)
    rake (0.9.2.2)
    rdoc (3.11)
      json (~> 1.4)
    rmagick4j (0.3.7)
    ruby-openid (2.1.8)
    rubytree (0.5.3)
    shoulda (2.10.3)

PLATFORMS
  java

DEPENDENCIES
  activerecord-jdbcmysql-adapter
  activerecord-jdbcpostgresql-adapter
  activerecord-jdbcsqlite3-adapter
  coderay (~> 0.9.7)
  edavis10-object_daddy
  fastercsv (~> 1.5.0)
  i18n (~> 0.4.2)
  jruby-openssl
  mocha
  mysql
  mysql2 (~> 0.2.7)
  pg (~> 0.9.0)
  rails (= 2.3.14)
  rdoc (>= 2.4.2)
  rmagick (>= 1.15.17)
  rmagick4j
  ruby-debug
  ruby-debug19
  ruby-openid (~> 2.1.4)
  rubytree (~> 0.5.2)
  shoulda (~> 2.10.3)
  sqlite3
  sqlite3-ruby (< 1.3)
